GIT
  remote: http://github.com./CyTeam/mt940_parser.git
  revision: 0f4125b4956761ce1b7e01b53fbccd3239a2f29a
  specs:
    mt940_parser (1.1.0)

GIT
  remote: http://github.com/huerlisi/PDFKit.git
  revision: e4a8a67a69394be211358b04235bb3ce28a33d52
  specs:
    pdfkit (0.5.2)

GEM
  remote: http://rubygems.org/
  specs:
    Ascii85 (1.0.1)
    aasm (3.0.8)
    actionmailer (3.2.13)
      actionpack (= 3.2.13)
      mail (~> 2.5.3)
    actionpack (3.2.13)
      activemodel (= 3.2.13)
      activesupport (= 3.2.13)
      builder (~> 3.0.0)
      erubis (~> 2.7.0)
      journey (~> 1.0.4)
      rack (~> 1.4.5)
      rack-cache (~> 1.2)
      rack-test (~> 0.6.1)
      sprockets (~> 2.2.1)
    activemodel (3.2.13)
      activesupport (= 3.2.13)
      builder (~> 3.0.0)
    activerecord (3.2.13)
      activemodel (= 3.2.13)
      activesupport (= 3.2.13)
      arel (~> 3.0.2)
      tzinfo (~> 0.3.29)
    activeresource (3.2.13)
      activemodel (= 3.2.13)
      activesupport (= 3.2.13)
    activesupport (3.2.13)
      i18n (= 0.6.1)
      multi_json (~> 1.0)
    acts-as-taggable-on (2.4.1)
      rails (>= 3, < 5)
    addressable (2.2.8)
    anjlab-bootstrap-rails (2.1.0.4)
      railties (>= 3.0)
      sass
    arel (3.0.2)
    bcrypt-ruby (3.0.1)
    bookyt_pos (0.2.0)
    bookyt_projects (1.1.0)
      rails (~> 3.1)
      recurrence
    bookyt_salary (0.20.2)
      rails (~> 3.1)
      recurrence
    bookyt_stock (0.6.0)
    bootstrap-will_paginate (0.0.7)
      will_paginate
    builder (3.0.4)
    cancan (1.6.8)
    cap-recipes (0.3.39)
    capistrano (2.14.1)
      highline
      net-scp (>= 1.0.0)
      net-sftp (>= 2.0.0)
      net-ssh (>= 2.0.14)
      net-ssh-gateway (>= 1.1.0)
    capistrano-ext (1.2.1)
      capistrano (>= 1.0.0)
    capistrano_colors (0.5.5)
    capones_recipes (1.18.0)
      cap-recipes
      capistrano
      capistrano-ext
      capistrano_colors
    capybara (1.1.2)
      mime-types (>= 1.16)
      nokogiri (>= 1.3.3)
      rack (>= 1.0.0)
      rack-test (>= 0.5.4)
      selenium-webdriver (~> 2.0)
      xpath (~> 0.1.4)
    carrierwave (0.6.2)
      activemodel (>= 3.2.0)
      activesupport (>= 3.2.0)
    childprocess (0.3.3)
      ffi (~> 1.0.6)
    choice (0.1.6)
    chunky_png (1.2.5)
    coderay (1.0.9)
    coffee-rails (3.2.2)
      coffee-script (>= 2.2.0)
      railties (~> 3.2.0)
    coffee-script (2.2.0)
      coffee-script-source
      execjs
    coffee-script-source (1.3.3)
    columnize (0.3.6)
    compass (0.12.2)
      chunky_png (~> 1.2)
      fssm (>= 0.2.7)
      sass (~> 3.1)
    compass-rails (1.0.3)
      compass (>= 0.12.2, < 0.14)
    csv-mapper (0.5.1)
      fastercsv
    database_cleaner (0.8.0)
    devise (2.2.3)
      bcrypt-ruby (~> 3.0)
      orm_adapter (~> 0.1)
      railties (~> 3.1)
      warden (~> 1.2.1)
    diff-lcs (1.1.3)
    erubis (2.7.0)
    execjs (1.4.0)
      multi_json (~> 1.0)
    factory_girl (2.6.4)
      activesupport (>= 2.3.9)
    factory_girl_rails (1.7.0)
      factory_girl (~> 2.6.0)
      railties (>= 3.0.0)
    faraday (0.8.7)
      multipart-post (~> 1.1)
    fastercsv (1.5.5)
    ffi (1.0.11)
    formatador (0.2.4)
    fssm (0.2.9)
    guard (1.8.0)
      formatador (>= 0.2.4)
      listen (>= 1.0.0)
      lumberjack (>= 1.0.2)
      pry (>= 0.9.10)
      thor (>= 0.14.6)
    guard-rspec (2.5.4)
      guard (>= 1.1)
      rspec (~> 2.11)
    guard-zeus (0.0.1)
      guard
      zeus
    haml (3.1.6)
    haml-rails (0.3.4)
      actionpack (~> 3.0)
      activesupport (~> 3.0)
      haml (~> 3.0)
      railties (~> 3.0)
    has_accounts (1.0.2)
      acts-as-taggable-on
      has_vcards
      inherited_resources
      rails (~> 3.1)
      validates_timeliness
    has_accounts_engine (1.0.4)
      acts-as-taggable-on
      has_accounts (>= 1.0.2)
      has_vcards
      i18n_rails_helpers
      inherited_resources
      rails (~> 3.1)
      validates_timeliness
    has_scope (0.5.1)
    has_vcards (0.20.1)
      inherited_resources
      rails (~> 3.0)
    hashie (2.0.5)
    highline (1.6.15)
    hike (1.2.3)
    hpricot (0.8.6)
    httpauth (0.2.0)
    i18n (0.6.1)
    i18n_rails_helpers (1.0.8)
    inherited_resources (1.4.0)
      has_scope (~> 0.5.0)
      responders (~> 0.9)
    journey (1.0.4)
    jquery-rails (2.0.2)
      railties (>= 3.2.0, < 5.0)
      thor (~> 0.14)
    json (1.8.0)
    jwt (0.1.8)
      multi_json (>= 1.5)
    kgio (2.7.4)
    ledermann-rails-settings (1.1.0)
      activerecord (>= 2.3)
    libwebsocket (0.1.4)
      addressable
    linecache (0.46)
      rbx-require-relative (> 0.0.4)
    listen (1.0.2)
      rb-fsevent (>= 0.9.3)
      rb-inotify (>= 0.9)
      rb-kqueue (>= 0.2)
    lumberjack (1.0.3)
    lyb_devise_admin (0.3.6)
    lyb_sidebar (0.1.1)
      rails (~> 3.1)
    mail (2.5.4)
      mime-types (~> 1.16)
      treetop (~> 1.4.8)
    method_source (0.8.1)
    mime-types (1.23)
    multi_json (1.7.7)
    multipart-post (1.2.0)
    mysql2 (0.3.11)
    net-scp (1.0.4)
      net-ssh (>= 1.99.1)
    net-sftp (2.0.5)
      net-ssh (>= 2.0.9)
    net-ssh (2.6.3)
    net-ssh-gateway (1.1.0)
      net-ssh (>= 1.99.1)
    nokogiri (1.5.5)
    oauth2 (0.8.1)
      faraday (~> 0.8)
      httpauth (~> 0.1)
      jwt (~> 0.1.4)
      multi_json (~> 1.0)
      rack (~> 1.2)
    omniauth (1.1.4)
      hashie (>= 1.2, < 3)
      rack
    omniauth-google-oauth2 (0.1.17)
      omniauth (~> 1.0)
      omniauth-oauth2
    omniauth-oauth2 (1.1.1)
      oauth2 (~> 0.8.0)
      omniauth (~> 1.0)
    orm_adapter (0.4.0)
    pdf-reader (1.1.1)
      Ascii85 (~> 1.0.0)
      ruby-rc4
    pg (0.15.1)
    polyglot (0.3.3)
    prawn (0.12.0)
      pdf-reader (>= 0.9.0)
      ttfunk (~> 1.0.2)
    prawn_rails (0.0.8)
      prawn (>= 0.11.1)
      rails (>= 3.0.0)
    pry (0.9.12.1)
      coderay (~> 1.0.5)
      method_source (~> 0.8)
      slop (~> 3.4)
    rack (1.4.5)
    rack-cache (1.2)
      rack (>= 0.4)
    rack-google_analytics (1.0.2)
      rack
    rack-ssl (1.3.3)
      rack
    rack-test (0.6.2)
      rack (>= 1.0)
    rails (3.2.13)
      actionmailer (= 3.2.13)
      actionpack (= 3.2.13)
      activerecord (= 3.2.13)
      activeresource (= 3.2.13)
      activesupport (= 3.2.13)
      bundler (~> 1.0)
      railties (= 3.2.13)
    rails-erd (1.0.0)
      activerecord (>= 3.0)
      activesupport (>= 3.0)
      choice (~> 0.1.6)
      ruby-graphviz (~> 1.0.4)
    railties (3.2.13)
      actionpack (= 3.2.13)
      activesupport (= 3.2.13)
      rack-ssl (~> 1.3.2)
      rake (>= 0.8.7)
      rdoc (~> 3.4)
      thor (>= 0.14.6, < 2.0)
    raindrops (0.10.0)
    rake (10.0.4)
    rb-fsevent (0.9.3)
    rb-inotify (0.9.0)
      ffi (>= 0.5.0)
    rb-kqueue (0.2.0)
      ffi (>= 0.5.0)
    rbx-require-relative (0.0.9)
    rcov (1.0.0)
    rdoc (3.12.2)
      json (~> 1.4)
    recurrence (1.2.0)
      activesupport (>= 2.3.0)
      i18n
    responders (0.9.3)
      railties (~> 3.1)
    riddle (1.5.2)
    routing-filter (0.3.1)
      actionpack
    rspec (2.11.0)
      rspec-core (~> 2.11.0)
      rspec-expectations (~> 2.11.0)
      rspec-mocks (~> 2.11.0)
    rspec-core (2.11.0)
    rspec-expectations (2.11.1)
      diff-lcs (~> 1.1.3)
    rspec-mocks (2.11.1)
    rspec-rails (2.11.0)
      actionpack (>= 3.0)
      activesupport (>= 3.0)
      railties (>= 3.0)
      rspec (~> 2.11.0)
    ruby-debug (0.10.4)
      columnize (>= 0.1)
      ruby-debug-base (~> 0.10.4.0)
    ruby-debug-base (0.10.4)
      linecache (>= 0.3)
    ruby-graphviz (1.0.8)
    ruby-rc4 (0.1.5)
    ruby_parser (2.3.1)
      sexp_processor (~> 3.0)
    rubyzip (0.9.9)
    sass (3.1.20)
    sass-rails (3.2.5)
      railties (~> 3.2.0)
      sass (>= 3.1.10)
      tilt (~> 1.3)
    select2-rails (3.3.1)
      sass-rails (>= 3.2)
      thor (~> 0.14)
    selenium-webdriver (2.24.0)
      childprocess (>= 0.2.5)
      libwebsocket (~> 0.1.3)
      multi_json (~> 1.0)
      rubyzip
    settingslogic (2.0.8)
    sexp_processor (3.2.0)
    shoulda-matchers (1.2.0)
      activesupport (>= 3.0.0)
    show_for (0.2.5)
      actionpack (~> 3.0)
      activemodel (~> 3.0)
    simple-navigation (3.7.0)
      activesupport (>= 2.3.2)
    simple_form (2.0.2)
      actionpack (~> 3.0)
      activemodel (~> 3.0)
    simplecov (0.6.4)
      multi_json (~> 1.0)
      simplecov-html (~> 0.5.3)
    simplecov-html (0.5.3)
    slop (3.4.4)
    sprockets (2.2.2)
      hike (~> 1.2)
      multi_json (~> 1.0)
      rack (~> 1.0)
      tilt (~> 1.1, != 1.3.0)
    sqlite3 (1.3.6)
    thinking-sphinx (2.0.12)
      activerecord (>= 3.0.3)
      builder (>= 2.1.2)
      riddle (>= 1.5.2)
    thor (0.18.1)
    tilt (1.4.1)
    timeliness (0.3.7)
    treetop (1.4.14)
      polyglot
      polyglot (>= 0.3.1)
    ttfunk (1.0.3)
    tzinfo (0.3.37)
    uglifier (1.2.6)
      execjs (>= 0.3.0)
      multi_json (~> 1.3)
    unicorn (4.3.1)
      kgio (~> 2.6)
      rack
      raindrops (~> 0.7)
    validates_timeliness (3.0.14)
      timeliness (~> 0.3.6)
    vesr (0.12.6)
    warden (1.2.1)
      rack (>= 1.0)
    will_paginate (3.0.3)
    wkhtmltopdf-binary (0.9.9.1)
    xpath (0.1.4)
      nokogiri (~> 1.3)
    zeus (0.13.3)
      method_source (>= 0.6.7)

PLATFORMS
  ruby

DEPENDENCIES
  aasm
  acts-as-taggable-on
  anjlab-bootstrap-rails
  bookyt_pos
  bookyt_projects
  bookyt_salary
  bookyt_stock
  bootstrap-will_paginate
  cancan
  capones_recipes
  capybara
  carrierwave
  coffee-rails
  compass-rails
  csv-mapper
  database_cleaner
  devise
  factory_girl (< 3.0.0)
  factory_girl_rails
  faraday
  fastercsv
  guard-rspec
  guard-zeus
  haml
  haml-rails
  has_accounts (~> 1.0.2)
  has_accounts_engine (~> 1.0.4)
  has_scope
  has_vcards
  hpricot
  i18n_rails_helpers
  inherited_resources
  jquery-rails
  ledermann-rails-settings
  lyb_devise_admin
  lyb_sidebar
  mt940_parser!
  mysql2
  omniauth
  omniauth-google-oauth2
  pdfkit!
  pg
  prawn
  prawn_rails
  rack-google_analytics
  rails
  rails-erd
  rb-inotify
  rcov
  rdoc
  responders
  routing-filter
  rspec-rails
  ruby-debug
  ruby_parser
  sass-rails
  select2-rails
  settingslogic
  shoulda-matchers
  show_for
  simple-navigation
  simple_form
  simplecov
  sprockets
  sqlite3
  thinking-sphinx
  uglifier
  unicorn
  validates_timeliness
  vesr
  will_paginate
  wkhtmltopdf-binary
  zeus
